GEM
  remote: https://rubygems.org/
  specs:
    pg (0.18.4)
    rake (10.5.0)
    sequel (4.22.0)
    sql_migrations (2.6.0)
      bundler (~> 1.7)
      rake (~> 10.0)
      sequel (~> 4.22.0)

PLATFORMS
  ruby

DEPENDENCIES
  pg
  sql_migrations

BUNDLED WITH
   1.11.2
